PATH
  remote: .
  specs:
    rbtrace (0.4.11)
      ffi (>= 1.0.6)
      msgpack (>= 0.4.3)
      optimist (>= 3.0.0)

GEM
  remote: https://rubygems.org/
  specs:
    ffi (1.9.25)
    msgpack (1.2.4)
    optimist (3.0.0)
    rake (10.5.0)

PLATFORMS
  ruby

DEPENDENCIES
  rake (~> 10.0)
  rbtrace!

BUNDLED WITH
   1.16.4
